PATH
  remote: .
  specs:
    civo (1.4.1)
      commander
      flexirest (>= 1.4.6)
      toml

GEM
  remote: https://rubygems.org/
  specs:
    activesupport (6.1.3)
      concurrent-ruby (~> 1.0, >= 1.0.2)
      i18n (>= 1.6, < 2)
      minitest (>= 5.1)
      tzinfo (~> 2.0)
      zeitwerk (~> 2.3)
    commander (4.5.2)
      highline (~> 2.0.0)
    concurrent-ruby (1.1.8)
    crack (0.4.5)
      rexml
    faraday (1.3.0)
      faraday-net_http (~> 1.0)
      multipart-post (>= 1.2, < 3)
      ruby2_keywords
    faraday-net_http (1.0.1)
    flexirest (1.10.3)
      activesupport
      crack
      faraday
      mime-types
      multi_json
    highline (2.0.3)
    i18n (1.8.9)
      concurrent-ruby (~> 1.0)
    mime-types (3.3.1)
      mime-types-data (~> 3.2015)
    mime-types-data (3.2021.0212)
    minitest (5.14.3)
    multi_json (1.15.0)
    multipart-post (2.1.1)
    parslet (1.8.2)
    rake (13.0.0)
    rexml (3.2.4)
    ruby2_keywords (0.0.4)
    toml (0.2.0)
      parslet (~> 1.8.0)
    tzinfo (2.0.4)
      concurrent-ruby (~> 1.0)
    zeitwerk (2.4.2)

PLATFORMS
  ruby

DEPENDENCIES
  civo!
  rake

BUNDLED WITH
   2.1.4
